PATH
  remote: .
  specs:
    todo (0.1.0)

GEM
  remote: https://rubygems.org/
  specs:
    byebug (11.1.3)
    coderay (1.1.3)
    concurrent-ruby (1.1.9)
    dry-core (0.6.0)
      concurrent-ruby (~> 1.0)
    dry-equalizer (0.3.0)
    dry-monads (1.3.5)
      concurrent-ruby (~> 1.0)
      dry-core (~> 0.4, >= 0.4.4)
      dry-equalizer
    method_source (1.0.0)
    minitest (5.14.4)
    pry (0.13.1)
      coderay (~> 1.1)
      method_source (~> 1.0)
    pry-byebug (3.9.0)
      byebug (~> 11.0)
      pry (~> 0.13.0)
    rake (12.3.3)

PLATFORMS
  ruby

DEPENDENCIES
  dry-monads
  minitest (~> 5.0)
  pry-byebug
  rake (~> 12.0)
  todo!

BUNDLED WITH
   2.1.4
